GEM
  remote: https://rubygems.org/
  specs:
    cuba (3.3.0)
      rack
    diff-lcs (1.2.5)
    puma (2.11.2)
      rack (>= 1.1, < 2.0)
    rack (1.5.2)
    redis (3.1.0)
    rspec (3.2.0)
      rspec-core (~> 3.2.0)
      rspec-expectations (~> 3.2.0)
      rspec-mocks (~> 3.2.0)
    rspec-core (3.2.3)
      rspec-support (~> 3.2.0)
    rspec-expectations (3.2.1)
      diff-lcs (>= 1.2.0, < 2.0)
      rspec-support (~> 3.2.0)
    rspec-mocks (3.2.1)
      diff-lcs (>= 1.2.0, < 2.0)
      rspec-support (~> 3.2.0)
    rspec-support (3.2.2)

PLATFORMS
  ruby

DEPENDENCIES
  cuba
  puma
  redis
  rspec
