GEM
  remote: https://rubygems.org/
  specs:
    cuba (3.3.0)
      rack
    rack (1.5.2)
    redis (3.1.0)

PLATFORMS
  ruby

DEPENDENCIES
  cuba
  redis
